GEM
  remote: https://rubygems.org/
  specs:
    diff-lcs (1.2.4)
    haml (3.1.7)
    haml-server (0.3)
      haml
      sass
      sinatra
    hashie (2.0.5)
    nokogiri (1.5.9)
    rack (1.5.1)
    rack-protection (1.3.2)
      rack
    rspec (2.13.0)
      rspec-core (~> 2.13.0)
      rspec-expectations (~> 2.13.0)
      rspec-mocks (~> 2.13.0)
    rspec-core (2.13.1)
    rspec-expectations (2.13.0)
      diff-lcs (>= 1.1.3, < 2.0)
    rspec-html-matchers (0.4.1)
      nokogiri (>= 1.4.4)
      rspec (>= 2.0.0)
    rspec-mocks (2.13.1)
    sass (3.2.5)
    sinatra (1.3.4)
      rack (~> 1.4)
      rack-protection (~> 1.3)
      tilt (~> 1.3, >= 1.3.3)
    tilt (1.3.3)

PLATFORMS
  ruby

DEPENDENCIES
  haml-server
  hashie
  rspec
  rspec-html-matchers
